GEM
  remote: https://rubygems.org/
  specs:
    concurrent-ruby (1.0.5)
    faker (1.8.7)
      i18n (>= 0.7)
    i18n (1.0.1)
      concurrent-ruby (~> 1.0)
    pg (1.0.0)

PLATFORMS
  ruby

DEPENDENCIES
  faker
  pg

BUNDLED WITH
   1.16.1
